GEM
  remote: https://rubygems.org/
  specs:
    slack-notifier (2.3.2)

PLATFORMS
  ruby

DEPENDENCIES
  slack-notifier

BUNDLED WITH
   2.0.2
